GEM
  remote: http://rubygems.org/
  remote: http://rubygems.org/
  specs:
    actionmailer (2.3.5)
      actionpack (= 2.3.5)
    actionpack (2.3.5)
      activesupport (= 2.3.5)
      rack (~> 1.0.0)
    activerecord (2.3.5)
      activesupport (= 2.3.5)
    activerecord-jdbc-adapter (1.1.1)
    activeresource (2.3.5)
      activesupport (= 2.3.5)
    activesupport (2.3.5)
    bouncy-castle-java (1.5.0145.2)
    jdbc-sqlite3 (3.6.14.2.056-java)
    jetty-rails (0.8.1)
      activesupport (>= 2.0.2)
    jruby-openssl (0.7.3)
      bouncy-castle-java
    rack (1.0.1)
    rails (2.3.5)
      actionmailer (= 2.3.5)
      actionpack (= 2.3.5)
      activerecord (= 2.3.5)
      activeresource (= 2.3.5)
      activesupport (= 2.3.5)
      rake (>= 0.8.3)
    rake (0.8.7)

PLATFORMS
  java

DEPENDENCIES
  activerecord-jdbc-adapter (= 1.1.1)
  jdbc-sqlite3 (>= 3.6)
  jetty-rails (>= 0.8.1)
  jruby-openssl (>= 0.7.3)
  rails (= 2.3.5)
